GIT
  remote: git://github.com/skiz/wasabi.git
  revision: 3cf323635717df9aab42340d3f48b304356c113e
  specs:
    wasabi (2.0.0)
      nokogiri (>= 1.4.0)

GIT
  remote: https://github.com/kitop/fattr.git
  revision: 705578ba4555ae480f82e7ecd0c16851fe8aec1d
  specs:
    fattr (2.1.0)

PATH
  remote: .
  specs:
    zuora (0.0.1)
      activemodel (~> 3.1.0)
      activesupport (~> 3.1.0)
      libxml4r (~> 0.2.6)
      savon (~> 0.9.8)

GEM
  remote: http://rubygems.org/
  specs:
    activemodel (3.1.3)
      activesupport (= 3.1.3)
      builder (~> 3.0.0)
      i18n (~> 0.6)
    activesupport (3.1.3)
      multi_json (~> 1.0)
    akami (1.0.0)
      gyoku (>= 0.4.0)
    artifice (0.6)
      rack-test
    builder (3.0.0)
    columnize (0.3.6)
    diff-lcs (1.1.3)
    factory_girl (2.3.2)
      activesupport
    gyoku (0.4.4)
      builder (>= 2.1.2)
    httpi (0.9.5)
      rack
    i18n (0.6.0)
    libxml-ruby (2.2.2)
    libxml4r (0.2.6)
      libxml-ruby (>= 1.1.3)
    linecache (0.46)
      rbx-require-relative (> 0.0.4)
    multi_json (1.1.0)
    nokogiri (1.5.0)
    nori (1.1.0)
    rack (1.4.1)
    rack-test (0.6.1)
      rack (>= 1.0)
    rake (0.8.7)
    rbx-require-relative (0.0.5)
    redcarpet (2.1.0)
    rspec (2.8.0)
      rspec-core (~> 2.8.0)
      rspec-expectations (~> 2.8.0)
      rspec-mocks (~> 2.8.0)
    rspec-core (2.8.0)
    rspec-expectations (2.8.0)
      diff-lcs (~> 1.1.2)
    rspec-mocks (2.8.0)
    ruby-debug (0.10.4)
      columnize (>= 0.1)
      ruby-debug-base (~> 0.10.4.0)
    ruby-debug-base (0.10.4)
      linecache (>= 0.3)
    savon (0.9.8)
      akami (~> 1.0)
      builder (>= 2.1.2)
      gyoku (>= 0.4.0)
      httpi (~> 0.9)
      nokogiri (>= 1.4.0)
      nori (~> 1.0)
      wasabi (~> 2.0)
    yard (0.7.5)

PLATFORMS
  ruby

DEPENDENCIES
  artifice (~> 0.6.0)
  factory_girl (~> 2.3.2)
  fattr!
  rake (~> 0.8.7)
  redcarpet (~> 2.1.0)
  rspec (~> 2.8.0)
  ruby-debug
  wasabi!
  yard (~> 0.7.5)
  zuora!
